RESTRICTION: >= net461
NUGET
  remote: https://www.nuget.org/api/v2
    FSharp.Core (4.6.2)
    FSharp.Data (3.0)
      FSharp.Core (>= 4.0.0.1)

GROUP Build
NUGET
  remote: https://www.nuget.org/api/v2
    FAKE (5.8.4)
